GEM
  remote: https://rubygems.org/
  specs:
    activesupport (5.0.2)
      concurrent-ruby (~> 1.0, >= 1.0.2)
      i18n (~> 0.7)
      minitest (~> 5.1)
      tzinfo (~> 1.1)
    addressable (2.5.1)
      public_suffix (~> 2.0, >= 2.0.2)
    builder (3.2.3)
    capybara (2.13.0)
      addressable
      mime-types (>= 1.16)
      nokogiri (>= 1.3.3)
      rack (>= 1.0.0)
      rack-test (>= 0.5.4)
      xpath (~> 2.0)
    concurrent-ruby (1.0.5)
    cucumber (2.4.0)
      builder (>= 2.1.2)
      cucumber-core (~> 1.5.0)
      cucumber-wire (~> 0.0.1)
      diff-lcs (>= 1.1.3)
      gherkin (~> 4.0)
      multi_json (>= 1.7.5, < 2.0)
      multi_test (>= 0.1.2)
    cucumber-core (1.5.0)
      gherkin (~> 4.0)
    cucumber-wire (0.0.1)
    diff-lcs (1.3)
    enumerable-lazy (0.0.2)
    gherkin (4.1.1)
    haml (4.0.7)
      tilt
    i18n (0.8.1)
    mail (2.6.4)
      mime-types (>= 1.16, < 4)
    mime-types (2.99.3)
    mini_portile2 (2.1.0)
    minitest (5.10.1)
    moneta (0.8.1)
    multi_json (1.12.1)
    multi_test (0.1.2)
    mustermann19 (0.4.4)
      enumerable-lazy
    nokogiri (1.7.1-x64-mingw32)
      mini_portile2 (~> 2.1.0)
    padrino (0.13.3.3)
      padrino-admin (= 0.13.3.3)
      padrino-cache (= 0.13.3.3)
      padrino-core (= 0.13.3.3)
      padrino-gen (= 0.13.3.3)
      padrino-helpers (= 0.13.3.3)
      padrino-mailer (= 0.13.3.3)
      padrino-support (= 0.13.3.3)
    padrino-admin (0.13.3.3)
      padrino-core (= 0.13.3.3)
      padrino-helpers (= 0.13.3.3)
    padrino-cache (0.13.3.3)
      moneta (~> 0.8.0)
      padrino-core (= 0.13.3.3)
      padrino-helpers (= 0.13.3.3)
    padrino-core (0.13.3.3)
      activesupport (>= 3.1)
      mustermann19
      padrino-support (= 0.13.3.3)
      rack-protection (>= 1.5.0)
      sinatra (>= 1.4.6)
      thor (~> 0.18)
    padrino-gen (0.13.3.3)
      bundler (~> 1.0)
      padrino-core (= 0.13.3.3)
    padrino-helpers (0.13.3.3)
      i18n (~> 0.6, >= 0.6.7)
      padrino-support (= 0.13.3.3)
      tilt (>= 1.4.1, < 3)
    padrino-mailer (0.13.3.3)
      mail (~> 2.5)
      mime-types (< 3)
      padrino-core (= 0.13.3.3)
    padrino-support (0.13.3.3)
      activesupport (>= 3.1)
    public_suffix (2.0.5)
    rack (1.6.5)
    rack-protection (1.5.3)
      rack
    rack-test (0.6.3)
      rack (>= 1.0)
    rake (12.0.0)
    rspec (3.5.0)
      rspec-core (~> 3.5.0)
      rspec-expectations (~> 3.5.0)
      rspec-mocks (~> 3.5.0)
    rspec-core (3.5.4)
      rspec-support (~> 3.5.0)
    rspec-expectations (3.5.0)
      diff-lcs (>= 1.2.0, < 2.0)
      rspec-support (~> 3.5.0)
    rspec-mocks (3.5.0)
      diff-lcs (>= 1.2.0, < 2.0)
      rspec-support (~> 3.5.0)
    rspec-support (3.5.0)
    sequel (4.45.0)
    sinatra (1.4.8)
      rack (~> 1.5)
      rack-protection (~> 1.4)
      tilt (>= 1.3, < 3)
    sqlite3 (1.3.13-x64-mingw32)
    thor (0.19.4)
    thread_safe (0.3.6)
    tilt (2.0.7)
    tzinfo (1.2.3)
      thread_safe (~> 0.1)
    xpath (2.0.0)
      nokogiri (~> 1.3)

PLATFORMS
  x64-mingw32

DEPENDENCIES
  capybara
  cucumber
  haml
  padrino (= 0.13.3.3)
  rack-test
  rake
  rspec
  sequel
  sqlite3

BUNDLED WITH
   1.13.6
